PATH
  remote: .
  specs:
    google-weather (0.2.0)
      httparty (>= 0.5.2)

GEM
  remote: http://rubygems.org/
  specs:
    fakeweb (1.3.0)
    httparty (0.8.1)
      multi_json
      multi_xml
    jnunemaker-matchy (0.4.0)
    multi_json (1.0.4)
    multi_xml (0.4.1)
    rake (0.9.2)
    shoulda (2.11.3)

PLATFORMS
  ruby

DEPENDENCIES
  fakeweb
  google-weather!
  jnunemaker-matchy
  rake
  shoulda
